GEM
  remote: https://rubygems.org/
  specs:
    json (2.3.0)
    watson-ruby (1.6.3)
      json

PLATFORMS
  ruby

DEPENDENCIES
  watson-ruby (>= 1.6.3)

BUNDLED WITH
   1.17.3
