GEM
  remote: https://rubygems.org/
  specs:
    addressable (2.5.2)
      public_suffix (>= 2.0.2, < 4.0)
    crack (0.4.3)
      safe_yaml (~> 1.0.0)
    delayer (0.0.2)
    delayer-deferred (1.0.4)
      delayer (>= 0.0.2, < 0.1)
    hashdiff (0.3.7)
    instance_storage (1.0.0)
    json_pure (1.8.6)
    memoist (0.16.0)
    metaclass (0.0.4)
    mocha (0.14.0)
      metaclass (~> 0.0.1)
    oauth (0.5.3)
    pluggaloid (1.1.1)
      delayer
      instance_storage (>= 1.0.0, < 2.0.0)
    power_assert (1.1.1)
    public_suffix (3.0.0)
    rake (12.3.3)
    ruby-hmac (0.4.0)
    ruby-prof (0.16.2)
    safe_yaml (1.0.4)
    test-unit (3.2.6)
      power_assert
    twitter-text (1.14.7)
      unf (~> 0.1.0)
    typed-array (0.1.2)
    unf (0.1.4)
      unf_ext
    unf_ext (0.0.7.4)
    watch (0.1.0)
    webmock (1.24.6)
      addressable (>= 2.3.6)
      crack (>= 0.3.2)
      hashdiff

PLATFORMS
  ruby

DEPENDENCIES
  addressable (~> 2.3)
  delayer (~> 0.0)
  delayer-deferred (>= 1.0.4, < 1.1)
  json_pure (~> 1.8)
  memoist (>= 0.16, < 0.17)
  mocha (~> 0.14)
  oauth (>= 0.5.1)
  pluggaloid (>= 1.1.1, < 2.0)
  rake (~> 12.3, >= 12.3.3)
  ruby-hmac (~> 0.4)
  ruby-prof
  test-unit (~> 3.0)
  twitter-text (>= 1.14.6)
  typed-array (~> 0.1)
  watch (~> 0.1)
  webmock (~> 1.17)

BUNDLED WITH
   1.17.3
