GEM
  remote: https://rubygems.org/
  specs:
    hue-cli (0.1.4)
      hue-lib (>= 0.7.4)
      json
    hue-lib (0.7.4)
      json
    json (2.3.0)

PLATFORMS
  ruby

DEPENDENCIES
  hue-cli (>= 0.1.4)

BUNDLED WITH
   1.17.3
