GEM
  remote: https://rubygems.org/
  specs:
    json (2.3.0)
    procodile (1.0.26)
      json

PLATFORMS
  ruby

DEPENDENCIES
  procodile (>= 1.0.17)

BUNDLED WITH
   1.17.3
