GEM
  remote: http://rubygems.org/
  specs:
    bcat (0.6.2)
      rack (~> 1.0)
    rack (1.6.12)

PLATFORMS
  ruby

DEPENDENCIES
  bcat (>= 0.6.2)

BUNDLED WITH
   1.17.3
