GEM
  remote: https://rubygems.org/
  specs:
    pg_query (1.2.0)
    sqlint (0.1.10)
      pg_query (~> 1)

PLATFORMS
  ruby

DEPENDENCIES
  sqlint (>= 0.1.9)

BUNDLED WITH
   1.17.3
