GEM
  remote: https://rubygems.org/
  specs:
    ffi (1.12.2)
    rb-fsevent (0.10.3)
    rb-inotify (0.10.1)
      ffi (~> 1.0)
    sass (3.7.4)
      sass-listen (~> 4.0.0)
    sass-listen (4.0.0)
      rb-fsevent (~> 0.9, >= 0.9.4)
      rb-inotify (~> 0.9, >= 0.9.7)
    scss_lint (0.59.0)
      sass (~> 3.5, >= 3.5.5)

PLATFORMS
  ruby

DEPENDENCIES
  scss_lint (>= 0.57.1)

BUNDLED WITH
   1.17.3
